GEM
  remote: https://rubygems.org/
  specs:
    activemodel (3.2.13)
      activesupport (= 3.2.13)
      builder (~> 3.0.0)
    activesupport (3.2.13)
      i18n (= 0.6.1)
      multi_json (~> 1.0)
    addressable (2.3.4)
    builder (3.0.4)
    hipchat (0.9.0)
      httparty
    httparty (0.11.0)
      multi_json (~> 1.0)
      multi_xml (>= 0.5.2)
    i18n (0.6.1)
    json (1.8.0)
    mime-types (1.23)
    multi_json (1.7.3)
    multi_xml (0.5.3)
    oauth (0.4.7)
    rest-client (1.6.7)
      mime-types (>= 1.16)
    ruby-trello (1.0.1)
      activemodel
      addressable (~> 2.3)
      json
      oauth (~> 0.4.5)
      rest-client (~> 1.6.7)
    rufus-scheduler (2.0.17)
      tzinfo (>= 0.3.23)
    tzinfo (0.3.33)

PLATFORMS
  ruby

DEPENDENCIES
  hipchat
  ruby-trello
  rufus-scheduler
